PATH
  remote: .
  specs:
    get_gfx (0.1.0)
      nokogiri
      pry

GEM
  remote: https://rubygems.org/
  specs:
    coderay (1.1.3)
    method_source (1.0.0)
    mini_portile2 (2.4.0)
    nokogiri (1.10.10)
      mini_portile2 (~> 2.4.0)
    pry (0.13.1)
      coderay (~> 1.1)
      method_source (~> 1.0)

PLATFORMS
  ruby

DEPENDENCIES
  get_gfx!

BUNDLED WITH
   2.1.4
