PATH
  remote: .
  specs:
    get_gfx (0.1.0)

GEM
  remote: https://rubygems.org/
  specs:

PLATFORMS
  ruby

DEPENDENCIES
  get_gfx!

BUNDLED WITH
   2.1.4
